PATH
  remote: .
  specs:
    stock_api_wrapper (0.1.0)
      faraday
      json

GEM
  remote: https://rubygems.org/
  specs:
    addressable (2.8.1)
      public_suffix (>= 2.0.2, < 6.0)
    crack (0.4.3)
      safe_yaml (~> 1.0.0)
    faraday (1.0.1)
      multipart-post (>= 1.2, < 3)
    hashdiff (1.0.1)
    json (2.3.0)
    minitest (5.14.0)
    multipart-post (2.1.1)
    public_suffix (4.0.7)
    safe_yaml (1.0.5)
    vcr (5.1.0)
    webmock (3.8.3)
      addressable (>= 2.3.6)
      crack (>= 0.3.2)
      hashdiff (>= 0.4.0, < 2.0.0)

PLATFORMS
  x86-mingw32
  x86_64-linux

DEPENDENCIES
  minitest
  stock_api_wrapper!
  vcr
  webmock

BUNDLED WITH
   2.1.4
